GEM
  remote: https://rubygems.org/
  specs:
    dotenv (2.1.0)
    faraday (0.9.2)
      multipart-post (>= 1.2, < 3)
    mini_portile2 (2.0.0)
    multipart-post (2.0.0)
    nokogiri (1.6.7.2)
      mini_portile2 (~> 2.0.0.rc2)

PLATFORMS
  ruby

DEPENDENCIES
  dotenv (~> 2.1.0)
  faraday
  nokogiri

BUNDLED WITH
   1.11.2
