GEM
  remote: https://rubygems.org/
  specs:
    addressable (2.4.0)
    css_parser (1.3.7)
      addressable
    dotenv (2.1.0)
    faraday (0.9.2)
      multipart-post (>= 1.2, < 3)
    mini_portile2 (2.0.0)
    multipart-post (2.0.0)
    nokogiri (1.6.7.2)
      mini_portile2 (~> 2.0.0.rc2)
    thread (0.2.2)

PLATFORMS
  ruby

DEPENDENCIES
  css_parser
  dotenv (~> 2.1.0)
  faraday
  nokogiri
  thread

BUNDLED WITH
   1.11.2
