GEM
  remote: https://rubygems.org/
  specs:
    addressable (2.5.2)
      public_suffix (>= 2.0.2, < 4.0)
    css_parser (1.6.0)
      addressable
    dotenv (2.5.0)
    faraday (0.15.2)
      multipart-post (>= 1.2, < 3)
    mini_portile2 (2.4.0)
    multipart-post (2.0.0)
    nokogiri (1.10.10)
      mini_portile2 (~> 2.4.0)
    public_suffix (3.0.3)
    thread (0.2.2)

PLATFORMS
  ruby

DEPENDENCIES
  css_parser
  dotenv
  faraday
  nokogiri
  thread

RUBY VERSION
   ruby 2.3.3p222

BUNDLED WITH
   1.16.3
